GEM
  remote: https://rubygems.org/
  specs:
    coderay (1.1.2)
    method_source (0.9.0)
    pry (0.11.3)
      coderay (~> 1.1.0)
      method_source (~> 0.9.0)
<<<<<<< HEAD
    require_all (2.0.0)
=======
    require_all (1.3.3)
>>>>>>> 7e9264e40e5e6d498117770c807cad019020e09c

PLATFORMS
  ruby

DEPENDENCIES
  pry
  require_all

BUNDLED WITH
   1.16.1
